PATH
  remote: .
  specs:
    money (4.0.2)
      i18n (~> 0.4)
      json

GEM
  remote: http://rubygems.org/
  specs:
    concurrent-ruby (1.1.5)
    diff-lcs (1.1.3)
    i18n (0.9.5)
      concurrent-ruby (~> 1.0)
    json (2.2.0)
    json (2.2.0-java)
    rake (0.9.2.2)
    rspec (2.8.0)
      rspec-core (~> 2.8.0)
      rspec-expectations (~> 2.8.0)
      rspec-mocks (~> 2.8.0)
    rspec-core (2.8.0)
    rspec-expectations (2.8.0)
      diff-lcs (~> 1.1.2)
    rspec-mocks (2.8.0)
    yard (0.7.3)

PLATFORMS
  java
  ruby

DEPENDENCIES
  money!
  rake
  rspec (~> 2.8.0)
  yard

BUNDLED WITH
   1.15.3
